GIT
  remote: https://github.com/sferik/twitter.git
  revision: 8faa15309d906dd46fccc1b914ea4aa7a5da7c2d
  specs:
    twitter (4.8.1)
      celluloid (~> 0.14.0)
      faraday (~> 0.8, < 0.10)
      simple_oauth (~> 0.2)

GEM
  remote: https://rubygems.org/
  specs:
    celluloid (0.14.1)
      timers (>= 1.0.0)
    faraday (0.8.8)
      multipart-post (~> 1.2.0)
    kgio (2.8.0)
    multipart-post (1.2.0)
    rack (1.5.2)
    rack-protection (1.5.0)
      rack
    raindrops (0.11.0)
    simple_oauth (0.2.0)
    sinatra (1.4.3)
      rack (~> 1.4)
      rack-protection (~> 1.4)
      tilt (~> 1.3, >= 1.3.4)
    tilt (1.4.1)
    timers (1.1.0)
    unicorn (4.6.3)
      kgio (~> 2.6)
      rack
      raindrops (~> 0.7)

PLATFORMS
  ruby

DEPENDENCIES
  sinatra
  twitter!
  unicorn
