GIT
  remote: https://github.com/sferik/twitter.git
  revision: 8faa15309d906dd46fccc1b914ea4aa7a5da7c2d
  specs:
    twitter (4.8.1)
      celluloid (~> 0.14.0)
      faraday (~> 0.8, < 0.10)
      simple_oauth (~> 0.2)

GEM
  remote: https://rubygems.org/
  specs:
    activemodel (4.0.0)
      activesupport (= 4.0.0)
      builder (~> 3.1.0)
    activerecord (4.0.0)
      activemodel (= 4.0.0)
      activerecord-deprecated_finders (~> 1.0.2)
      activesupport (= 4.0.0)
      arel (~> 4.0.0)
    activerecord-deprecated_finders (1.0.3)
    activesupport (4.0.0)
      i18n (~> 0.6, >= 0.6.4)
      minitest (~> 4.2)
      multi_json (~> 1.3)
      thread_safe (~> 0.1)
      tzinfo (~> 0.3.37)
    arel (4.0.0)
    atomic (1.1.13)
    builder (3.1.4)
    celluloid (0.14.1)
      timers (>= 1.0.0)
    chronic (0.9.1)
    faraday (0.8.8)
      multipart-post (~> 1.2.0)
    i18n (0.6.5)
    kgio (2.8.0)
    minitest (4.7.5)
    multi_json (1.7.9)
    multipart-post (1.2.0)
    pg (0.16.0)
    rack (1.5.2)
    rack-protection (1.5.0)
      rack
    raindrops (0.11.0)
    rake (10.1.0)
    simple_oauth (0.2.0)
    sinatra (1.4.3)
      rack (~> 1.4)
      rack-protection (~> 1.4)
      tilt (~> 1.3, >= 1.3.4)
    thread_safe (0.1.2)
      atomic
    tilt (1.4.1)
    timers (1.1.0)
    tzinfo (0.3.37)
    unicorn (4.6.3)
      kgio (~> 2.6)
      rack
      raindrops (~> 0.7)

PLATFORMS
  ruby

DEPENDENCIES
  activerecord
  chronic
  pg
  rake
  sinatra
  twitter!
  unicorn
